GEM
  remote: https://rubygems.org/
  specs:
    json (1.8.3)
    rubytree (0.9.7)
      json (~> 1.8)
      structured_warnings (~> 0.2)
    structured_warnings (0.2.0)
    terminal-table (1.7.3)
      unicode-display_width (~> 1.1.1)
    unicode-display_width (1.1.1)

PLATFORMS
  ruby

DEPENDENCIES
  rubytree
  terminal-table

BUNDLED WITH
   1.12.5
